GEM
  remote: https://rubygems.org/
  specs:
    minitest (5.9.0)
    rmagick (2.15.4)
    ruby-graphviz (1.2.2)

PLATFORMS
  ruby

DEPENDENCIES
  minitest
  rmagick
  ruby-graphviz

RUBY VERSION
   ruby 2.3.1p112

BUNDLED WITH
   1.12.5
